!INTERFILE  :=
name of data file := gpu_phantom.v
!GENERAL DATA :=
!GENERAL IMAGE DATA :=
!type of data := PET
imagedata byte order := LITTLEENDIAN
!PET STUDY (General) :=
!PET data type := Image
process status := Reconstructed
!number format := unsigned integer
!number of bytes per pixel := 2
number of dimensions := 3
matrix axis label [1] := x
!matrix size [1] := 190
scaling factor (mm/pixel) [1] := 0.05
matrix axis label [2] := y
!matrix size [2] := 190
scaling factor (mm/pixel) [2] := 0.05
matrix axis label [3] := z
!matrix size [3] := 700
scaling factor (mm/pixel) [3] := 1
first pixel offset (mm) [1] := -4.75
first pixel offset (mm) [2] := -4.75
first pixel offset (mm) [3] := 0
number of time frames := 1
!END OF INTERFILE :=
