ObjectType = Image
NDims = 3
BinaryData = True
BinaryDataByteOrderMSB = False
CompressedData = False
TransformMatrix = 1 0 0 0 1 0 0 0 1
Offset = 1.25 1.25 0.5
CenterOfRotation = 0 0 0
ElementSpacing = 2.5 2.5 1
DimSize = 128 128 2
AnatomicalOrientation = ???
ElementType = MET_USHORT
ElementDataFile = my_input.sin
